GEM
  remote: https://rubygems.org/
  specs:
    colored (1.2)
    cri (2.6.1)
      colored (~> 1.2)
    faraday (0.9.1)
      multipart-post (>= 1.2, < 3)
    faraday_middleware (0.9.1)
      faraday (>= 0.7.4, < 0.10)
    faraday_middleware-multi_json (0.0.6)
      faraday_middleware
      multi_json
    json_pure (1.8.2)
    log4r (1.1.10)
    multi_json (1.11.0)
    multipart-post (2.0.0)
    r10k (1.5.1)
      colored (= 1.2)
      cri (~> 2.6.1)
      faraday (~> 0.9.0)
      faraday_middleware (~> 0.9.0)
      faraday_middleware-multi_json (~> 0.0.6)
      json_pure (~> 1.8)
      log4r (= 1.1.10)
      multi_json (~> 1.10)
      semantic_puppet (~> 0.1.0)
    semantic_puppet (0.1.1)

PLATFORMS
  ruby

DEPENDENCIES
  r10k

BUNDLED WITH
   1.10.3
